PATH
  remote: .
  specs:
    bifubao (0.0.2)
      rest-client (~> 1)

GEM
  remote: https://rubygems.org/
  specs:
    mime-types (2.3)
    netrc (0.7.7)
    rake (10.3.2)
    rest-client (1.7.2)
      mime-types (>= 1.16, < 3.0)
      netrc (~> 0.7)

PLATFORMS
  ruby

DEPENDENCIES
  bifubao!
  bundler (~> 1)
  rake (~> 10)
